GEM
  remote: https://rubygems.org/
  specs:
    aws-eventstream (1.3.0)
    aws-partitions (1.977.0)
    aws-sdk-core (3.206.0)
      aws-eventstream (~> 1, >= 1.3.0)
      aws-partitions (~> 1, >= 1.651.0)
      aws-sigv4 (~> 1.9)
      jmespath (~> 1, >= 1.6.1)
    aws-sdk-ecr (1.84.0)
      aws-sdk-core (~> 3, >= 3.205.0)
      aws-sigv4 (~> 1.5)
    aws-sdk-sts (1.11.0)
      aws-sdk-core (~> 3, >= 3.110.0)
      aws-sigv4 (~> 1.1)
    aws-sigv4 (1.10.0)
      aws-eventstream (~> 1, >= 1.0.2)
    bigdecimal (3.1.8)
    concurrent-ruby (1.3.4)
    dry-configurable (1.2.0)
      dry-core (~> 1.0, < 2)
      zeitwerk (~> 2.6)
    dry-core (1.0.1)
      concurrent-ruby (~> 1.0)
      zeitwerk (~> 2.6)
    dry-inflector (1.1.0)
    dry-logic (1.5.0)
      concurrent-ruby (~> 1.0)
      dry-core (~> 1.0, < 2)
      zeitwerk (~> 2.6)
    dry-struct (1.6.0)
      dry-core (~> 1.0, < 2)
      dry-types (>= 1.7, < 2)
      ice_nine (~> 0.11)
      zeitwerk (~> 2.6)
    dry-types (1.7.2)
      bigdecimal (~> 3.0)
      concurrent-ruby (~> 1.0)
      dry-core (~> 1.0)
      dry-inflector (~> 1.0)
      dry-logic (~> 1.4)
      zeitwerk (~> 2.6)
    excon (0.111.0)
    hashdiff (1.0.1)
    ice_nine (0.11.2)
    jmespath (1.6.2)
    jsonpath (1.1.5)
      multi_json
    k8s-ruby (0.16.0)
      dry-configurable
      dry-struct
      dry-types
      excon (~> 0.71)
      hashdiff (~> 1.0.0)
      jsonpath (~> 1.1)
      recursive-open-struct (~> 1.1.3)
      yajl-ruby (~> 1.4.0)
      yaml-safe_load_stream3
    multi_json (1.15.0)
    recursive-open-struct (1.1.3)
    yajl-ruby (1.4.3)
    yaml-safe_load_stream3 (0.1.2)
    zeitwerk (2.6.18)

PLATFORMS
  ruby
  x86_64-linux

DEPENDENCIES
  aws-sdk-ecr
  aws-sdk-sts
  k8s-ruby

RUBY VERSION
   ruby 3.3.3p89

BUNDLED WITH
   2.5.11
